GIT
  remote: corn.stanford.edu:/afs/ir/dev/dlss/git/lyberteam/lyber-utils.git
  revision: fcc3bcbe56a6b3cee14321464b4cc8e5b3b18903
  branch: master
  specs:
    lyber-utils (0.1.2)
      bagit (>= 0.1.0)
      nokogiri (>= 1.4.3.1)
      systemu (>= 1.2.0)
      validatable

GIT
  remote: https://github.com/sul-dlss/dor-services.git
  revision: a9936c4db880e0cdca4972d71bf45ab0a0dd44d7
  branch: geoMetadata-4.4.13
  specs:
    dor-services (4.4.14)
      active-fedora (~> 5.6, >= 5.6.3)
      activesupport
      confstruct (>= 0.2.2)
      dor-workflow-service (~> 1.4)
      druid-tools (>= 0.3.0)
      equivalent-xml (>= 0.2.2)
      json
      lyber-utils
      moab-versioning (= 1.3.1)
      net-sftp
      net-ssh
      nokogiri (>= 1.6.0)
      om
      progressbar
      rdf (= 1.0.9)
      rest-client
      rsolr-ext
      ruby-cache
      ruby-graphviz
      solrizer (~> 2.0)
      stanford-mods (>= 0.0.14)
      systemu
      uuidtools
      validatable

GIT
  remote: https://github.com/sul-dlss/rgeoserver.git
  revision: 487f866115a213c4b10f3c133c48d1d9e4a0b585
  specs:
    rgeoserver (0.7)
      activemodel (~> 3.2.0)
      activesupport (~> 3.2.0)
      confstruct (~> 0.2.0)
      mime-types (~> 2.0)
      nokogiri (~> 1.6.0)
      rest-client (~> 1.6.0)
      rgeo (~> 0.3.0)
      rgeo-shapefile (~> 0.2.0)
      rubyzip (~> 0.9.0)

PATH
  remote: .
  specs:
    geohydra (0.3.1)
      activerecord (~> 3.2.0)
      activerecord-postgresql-adapter (~> 0.0.1)
      activesupport (~> 3.2.0)
      assembly-objectfile (~> 1.6.2)
      awesome_print (~> 1.2.0)
      confstruct (~> 0.2.5)
      dor-services (~> 4.4.14)
      druid-tools (~> 0.2)
      fastimage (~> 1.5.4)
      json (~> 1.8.1)
      mods (~> 0.0.22)
      nokogiri (~> 1.6.0)
      rest-client (~> 1.6.7)
      rgeo (~> 0.3.20)
      rgeo-shapefile (~> 0.2.3)
      rgeoserver (~> 0.7.0)
      rsolr (~> 1.0.9)

GEM
  remote: https://rubygems.org/
  specs:
    active-fedora (5.7.1)
      activeresource (>= 3.0.0)
      activesupport (>= 3.0.0)
      builder (~> 3.0.0)
      deprecation
      mediashelf-loggable
      nom-xml (>= 0.5.1)
      om (~> 1.8.0)
      rdf
      rdf-rdfxml (~> 0.3.8)
      rsolr
      rubydora (~> 1.6)
      solrizer (~> 2.1)
    activemodel (3.2.16)
      activesupport (= 3.2.16)
      builder (~> 3.0.0)
    activerecord (3.2.16)
      activemodel (= 3.2.16)
      activesupport (= 3.2.16)
      arel (~> 3.0.2)
      tzinfo (~> 0.3.29)
    activerecord-postgresql-adapter (0.0.1)
      pg
    activeresource (3.2.16)
      activemodel (= 3.2.16)
      activesupport (= 3.2.16)
    activesupport (3.2.16)
      i18n (~> 0.6, >= 0.6.4)
      multi_json (~> 1.0)
    addressable (2.3.5)
    arel (3.0.3)
    assembly-objectfile (1.6.4)
      mime-types
      mini_exiftool
      nokogiri
    awesome_print (1.2.0)
    bagit (0.3.2)
      docopt (~> 0.5.0)
      validatable (~> 1.6)
    builder (3.0.4)
    coderay (1.1.0)
    confstruct (0.2.5)
    daemons (1.1.9)
    dbf (2.0.7)
      fastercsv (~> 1.5.4)
    deprecation (0.0.5)
      activesupport
    diff-lcs (1.2.5)
    docopt (0.5.0)
    dor-workflow-service (1.4.1)
      activesupport
      confstruct
      nokogiri
      rest-client
    druid-tools (0.3.0)
    equivalent-xml (0.4.0)
      nokogiri (>= 1.4.3)
    fastercsv (1.5.5)
    fastimage (1.5.5)
      addressable (~> 2.3, >= 2.3.5)
    happymapper (0.4.1)
      libxml-ruby (~> 2.0)
    hashery (2.1.1)
    hooks (0.3.3)
    i18n (0.6.9)
    iso-639 (0.2.4)
    json (1.8.1)
    libxml-ruby (2.7.0)
    mediashelf-loggable (0.4.9)
    method_source (0.8.2)
    mime-types (2.0)
    mini_exiftool (2.3.0)
    mini_portile (0.5.2)
    moab-versioning (1.3.1)
      confstruct
      happymapper
      hashery (>= 2.0.0)
      json
      nokogiri
      systemu
    mods (0.0.22)
      iso-639
      nokogiri
      nom-xml
    multi_json (1.8.4)
    net-sftp (2.1.2)
      net-ssh (>= 2.6.5)
    net-ssh (2.7.0)
    nokogiri (1.6.1)
      mini_portile (~> 0.5.0)
    nom-xml (0.5.1)
      activesupport
      i18n
      nokogiri
    om (1.8.0)
      activemodel
      activesupport
      deprecation
      mediashelf-loggable
      nokogiri (>= 1.4.2)
    pg (0.17.1)
    progressbar (0.21.0)
    pry (0.9.12.4)
      coderay (~> 1.0)
      method_source (~> 0.8)
      slop (~> 3.4)
    rake (10.1.1)
    rdf (1.0.9)
      addressable (>= 2.3)
    rdf-rdfxml (0.3.9)
      rdf (>= 0.3.11)
      rdf-xsd (>= 0.3.8)
    rdf-xsd (1.0.2.1)
      nokogiri (>= 1.5.0)
      rdf (>= 0.3.4)
    rdoc (4.1.1)
      json (~> 1.4)
    redcarpet (3.0.0)
    rest-client (1.6.7)
      mime-types (>= 1.16)
    rgeo (0.3.20)
    rgeo-shapefile (0.2.3)
      dbf (>= 1.7.0)
      rgeo (>= 0.3.3)
    rsolr (1.0.9)
      builder (>= 2.1.2)
    rsolr-ext (1.0.3)
      rsolr (>= 1.0.2)
    rspec (2.14.1)
      rspec-core (~> 2.14.0)
      rspec-expectations (~> 2.14.0)
      rspec-mocks (~> 2.14.0)
    rspec-core (2.14.7)
    rspec-expectations (2.14.4)
      diff-lcs (>= 1.1.3, < 2.0)
    rspec-mocks (2.14.4)
    ruby-cache (0.3.0)
    ruby-graphviz (1.0.9)
    rubydora (1.7.0)
      activemodel
      activesupport
      deprecation
      equivalent-xml
      fastercsv
      hooks (~> 0.3.0)
      mime-types
      nokogiri
      rest-client
    rubyzip (0.9.9)
    slop (3.4.7)
    solrizer (2.2.0)
      activesupport
      daemons
      mediashelf-loggable (~> 0.4.7)
      nokogiri
      om (>= 1.5.0)
      stomp
      xml-simple
    stanford-mods (0.0.22)
      mods
    stomp (1.3.2)
    systemu (2.6.0)
    tzinfo (0.3.38)
    uuidtools (2.1.4)
    validatable (1.6.7)
    version_bumper (0.3.0)
    xml-simple (1.1.3)
    yard (0.8.7.3)

PLATFORMS
  ruby

DEPENDENCIES
  dor-services!
  equivalent-xml
  geohydra!
  lyber-utils!
  pry
  rake
  rdoc
  redcarpet
  rgeoserver!
  rspec
  version_bumper
  yard
